GEM
  remote: https://rubygems.org/
  specs:
    actionmailer (3.2.3)
      actionpack (= 3.2.3)
      mail (~> 2.4.4)
    actionpack (3.2.3)
      activemodel (= 3.2.3)
      activesupport (= 3.2.3)
      builder (~> 3.0.0)
      erubis (~> 2.7.0)
      journey (~> 1.0.1)
      rack (~> 1.4.0)
      rack-cache (~> 1.2)
      rack-test (~> 0.6.1)
      sprockets (~> 2.1.2)
    activeadmin (0.5.0)
      arbre (>= 1.0.1)
      bourbon (>= 1.0.0)
      devise (>= 1.1.2)
      fastercsv
      formtastic (>= 2.0.0)
      inherited_resources (>= 1.3.1)
      jquery-rails (>= 1.0.0)
      kaminari (>= 0.13.0)
      meta_search (>= 0.9.2)
      rails (>= 3.0.0)
      sass (>= 3.1.0)
    activemodel (3.2.3)
      activesupport (= 3.2.3)
      builder (~> 3.0.0)
    activerecord (3.2.3)
      activemodel (= 3.2.3)
      activesupport (= 3.2.3)
      arel (~> 3.0.2)
      tzinfo (~> 0.3.29)
    activeresource (3.2.3)
      activemodel (= 3.2.3)
      activesupport (= 3.2.3)
    activesupport (3.2.3)
      i18n (~> 0.6)
      multi_json (~> 1.0)
    ansi (1.4.3)
    arbre (1.0.1)
      activesupport (>= 3.0.0)
    arel (3.0.2)
    attr_required (0.0.5)
    bcrypt-ruby (3.0.1)
    bourbon (2.1.1)
      sass (>= 3.1)
    builder (3.0.3)
    cancan (1.6.8)
    carrierwave (0.6.2)
      activemodel (>= 3.2.0)
      activesupport (>= 3.2.0)
    coffee-rails (3.2.2)
      coffee-script (>= 2.2.0)
      railties (~> 3.2.0)
    coffee-script (2.2.0)
      coffee-script-source
      execjs
    coffee-script-source (1.3.3)
    country-select (1.1.1)
    crack (0.3.1)
    devise (2.1.2)
      bcrypt-ruby (~> 3.0)
      orm_adapter (~> 0.1)
      railties (~> 3.1)
      warden (~> 1.2.1)
    erubis (2.7.0)
    exception_notification (2.6.1)
      actionmailer (>= 3.0.4)
    excon (0.13.4)
    execjs (1.4.0)
      multi_json (~> 1.0)
    ey_config (0.0.6)
    faraday (0.8.4)
      multipart-post (~> 1.1)
    fastercsv (1.5.5)
    fb_graph (2.5.3)
      httpclient (>= 2.2.0.2)
      json
      rack-oauth2 (>= 0.14.4)
      tzinfo
    fog (1.3.1)
      builder
      excon (~> 0.13.0)
      formatador (~> 0.2.0)
      mime-types
      multi_json (~> 1.0)
      net-scp (~> 1.0.4)
      net-ssh (>= 2.1.3)
      nokogiri (~> 1.5.0)
      ruby-hmac
    formatador (0.2.3)
    formtastic (2.1.1)
      actionpack (~> 3.0)
    friendly_id (4.0.8)
    garb (0.9.1)
      activesupport (>= 2.2.0)
      crack (>= 0.1.6)
    gibbon (0.3.5)
      httparty (> 0.6.0)
      httparty (> 0.6.0)
      json (> 1.4.0)
      json (> 1.4.0)
      rdoc
    has_scope (0.5.1)
    hike (1.2.1)
    httparty (0.9.0)
      multi_json (~> 1.0)
      multi_xml
    httpclient (2.3.0.1)
    i18n (0.6.1)
    inherited_resources (1.3.1)
      has_scope (~> 0.5.0)
      responders (~> 0.6)
    journey (1.0.4)
    jquery-rails (2.1.3)
      railties (>= 3.1.0, < 5.0)
      thor (~> 0.14)
    jruby-pageant (1.1.1)
    json (1.7.5)
    just-datetime-picker (0.0.5)
      activeadmin (>= 0.4.4)
      formtastic (>= 2.0.0)
    kaminari (0.14.1)
      actionpack (>= 3.0.0)
      activesupport (>= 3.0.0)
    mail (2.4.4)
      i18n (>= 0.4.0)
      mime-types (~> 1.16)
      treetop (~> 1.4.8)
    meta_search (1.1.3)
      actionpack (~> 3.1)
      activerecord (~> 3.1)
      activesupport (~> 3.1)
      polyamorous (~> 0.5.0)
    mime-types (1.19)
    mini_magick (3.4)
      subexec (~> 0.2.1)
    multi_json (1.3.6)
    multi_xml (0.5.1)
    multipart-post (1.1.5)
    mysql2 (0.3.11)
    net-scp (1.0.4)
      net-ssh (>= 1.99.1)
    net-ssh (2.6.0)
      jruby-pageant (>= 1.1.1)
    newrelic_rpm (3.5.0)
    nokogiri (1.5.5)
    orm_adapter (0.4.0)
    polyamorous (0.5.0)
      activerecord (~> 3.0)
    polyglot (0.3.3)
    rack (1.4.1)
    rack-cache (1.2)
      rack (>= 0.4)
    rack-oauth2 (0.14.9)
      activesupport (>= 2.3)
      attr_required (>= 0.0.5)
      httpclient (>= 2.2.0.2)
      i18n
      multi_json (>= 1.3.6)
      rack (>= 1.1)
    rack-ssl (1.3.2)
      rack
    rack-test (0.6.2)
      rack (>= 1.0)
    rails (3.2.3)
      actionmailer (= 3.2.3)
      actionpack (= 3.2.3)
      activerecord (= 3.2.3)
      activeresource (= 3.2.3)
      activesupport (= 3.2.3)
      bundler (~> 1.0)
      railties (= 3.2.3)
    rails_autolink (1.0.9)
      rails (~> 3.1)
    railties (3.2.3)
      actionpack (= 3.2.3)
      activesupport (= 3.2.3)
      rack-ssl (~> 1.3.2)
      rake (>= 0.8.7)
      rdoc (~> 3.4)
      thor (~> 0.14.6)
    rake (0.9.2.2)
    rdoc (3.12)
      json (~> 1.4)
    redcarpet (2.0.1)
    remotipart (1.0.2)
    responders (0.9.3)
      railties (~> 3.1)
    ruby-hmac (0.4.0)
    sass (3.2.1)
    sass-rails (3.2.5)
      railties (~> 3.2.0)
      sass (>= 3.1.10)
      tilt (~> 1.3)
    simple_form (2.0.4)
      actionpack (~> 3.0)
      activemodel (~> 3.0)
    simple_oauth (0.1.9)
    sir-trevor-rails (0.1.1)
      activesupport (>= 3.0.7)
      jquery-rails
      rails (>= 3.0.7)
      redcarpet (~> 2.0.1)
      twitter-text (~> 1.4)
    sprockets (2.1.3)
      hike (~> 1.2)
      rack (~> 1.0)
      tilt (~> 1.1, != 1.3.0)
    subexec (0.2.2)
    thor (0.14.6)
    tilt (1.3.3)
    treetop (1.4.11)
      polyglot
      polyglot (>= 0.3.1)
    turn (0.8.2)
      ansi (>= 1.2.2)
    twitter (4.1.0)
      faraday (~> 0.8)
      multi_json (~> 1.3)
      simple_oauth (~> 0.1.6)
    twitter-text (1.5.0)
      activesupport
    tzinfo (0.3.33)
    uglifier (1.3.0)
      execjs (>= 0.3.0)
      multi_json (~> 1.0, >= 1.0.2)
    warden (1.2.1)
      rack (>= 1.0)

PLATFORMS
  ruby

DEPENDENCIES
  activeadmin (~> 0.5.0)
  cancan
  carrierwave
  coffee-rails
  country-select
  devise
  exception_notification
  ey_config
  fb_graph
  fog (~> 1.3.1)
  formtastic (~> 2.1.1)
  friendly_id (~> 4.0.1)
  garb
  gibbon
  jquery-rails
  just-datetime-picker
  mail
  meta_search (>= 1.1.0.pre)
  mini_magick (~> 3.3)
  mysql2
  newrelic_rpm
  rails (= 3.2.3)
  rails_autolink
  remotipart
  sass-rails
  simple_form
  sir-trevor-rails (>= 0.1.1)
  turn (= 0.8.2)
  twitter
  tzinfo
  uglifier (>= 1.0.3)
